GEM
  remote: http://rubygems.org/
  specs:
    diff-lcs (1.1.2)
    media-path (0.1.3)
    nake (0.0.8)
      term-ansicolor
    rspec (2.6.0)
      rspec-core (~> 2.6.0)
      rspec-expectations (~> 2.6.0)
      rspec-mocks (~> 2.6.0)
    rspec-core (2.6.4)
    rspec-expectations (2.6.0)
      diff-lcs (~> 1.1.2)
    rspec-mocks (2.6.0)
    term-ansicolor (1.0.5)

PLATFORMS
  ruby

DEPENDENCIES
  media-path
  nake
  rspec
