GEM
  remote: http://rubygems.org/
  specs:
    media-path (0.1.3)
    nake (0.0.8)
      term-ansicolor
    rspec (1.3.2)
    term-ansicolor (1.0.5)

PLATFORMS
  ruby

DEPENDENCIES
  media-path
  nake
  rspec (~> 1.3.2)
